GEM
  remote: http://rubygems.org/
  specs:
    aws-sdk (1.20.0)
      json (~> 1.4)
      nokogiri (>= 1.4.4, < 1.6.0)
      uuidtools (~> 2.1)
    json (1.8.1)
    nokogiri (1.5.6)
    right_aws (3.1.0)
      right_http_connection (>= 1.2.5)
    right_http_connection (1.4.0)
    uuidtools (2.1.3)

PLATFORMS
  ruby

DEPENDENCIES
  aws-sdk
  right_aws
